GEM
  remote: http://rubygems.org/
  specs:
    highline (1.6.21)
    mime-types (2.3)
    netrc (0.7.7)
    rest-client (1.7.2)
      mime-types (>= 1.16, < 3.0)
      netrc (~> 0.7)

PLATFORMS
  ruby

DEPENDENCIES
  highline (~> 1.6.21)
  rest-client (~> 1.7.2)
